GEM
  remote: https://rubygems.org/
  specs:
    chingu (0.8.1)
      crack
      gosu (>= 0.7.25)
      rest-client
    crack (0.4.2)
      safe_yaml (~> 1.0.0)
    gosu (0.7.50)
    hasu (0.1.4)
      gosu
    json (1.8.2)
    mime-types (2.3)
    rest-client (1.6.7)
      mime-types (>= 1.16)
    safe_yaml (1.0.3)

PLATFORMS
  ruby

DEPENDENCIES
  chingu
  gosu
  hasu
  json (~> 1.8)
